GEM
  remote: http://rubygems.org/
  specs:
    backports (2.6.5)
    crack (0.3.1)
    daemons (1.1.9)
    eventmachine (1.0.0)
    happymapper (0.4.0)
      libxml-ruby (~> 2.0)
    libxml-ruby (2.3.3)
    mime-types (1.19)
    nokogiri (1.5.5)
    nokogiri-happymapper (0.5.6)
      nokogiri (~> 1.5)
    pivotal-tracker (0.5.10)
    rack (1.4.1)
    rack-protection (1.2.0)
      rack
    rack-test (0.6.2)
      rack (>= 1.0)
    redis (3.0.2)
    rest-client (1.6.7)
      mime-types (>= 1.16)
    sinatra (1.3.3)
      rack (~> 1.3, >= 1.3.6)
      rack-protection (~> 1.2)
      tilt (~> 1.3, >= 1.3.3)
    sinatra-contrib (1.3.2)
      backports (>= 2.0)
      eventmachine
      rack-protection
      rack-test
      sinatra (~> 1.3.0)
      tilt (~> 1.3)
    thin (1.5.0)
      daemons (>= 1.0.9)
      eventmachine (>= 0.12.6)
      rack (>= 1.0.0)
    tilt (1.3.3)
    yajl-ruby (1.1.0)

PLATFORMS
  ruby

DEPENDENCIES
  crack
  happymapper
  nokogiri
  nokogiri-happymapper
  pivotal-tracker
  redis
  rest-client
  sinatra
  sinatra-contrib
  thin
  yajl-ruby
